GEM
  remote: http://rubygems.org/
  specs:
    builder (3.0.0)
    fakeweb (1.3.0)
    git (1.2.5)
    jeweler (1.6.4)
      bundler (~> 1.0)
      git (>= 1.2.5)
      rake
    mocha (0.9.12)
    rake (0.8.7)
    rcov (0.9.10)

PLATFORMS
  ruby

DEPENDENCIES
  builder
  bundler (~> 1.0.0)
  fakeweb
  jeweler (~> 1.6.4)
  mocha
  rcov
